PATH
  remote: .
  specs:
    snail_race (0.0.0)
      hirb
      hitimes
      ruby-progressbar

GEM
  remote: https://rubygems.org/
  specs:
    diff-lcs (1.2.5)
    hirb (0.6.2)
    hitimes (1.2.1)
    rspec (2.14.1)
      rspec-core (~> 2.14.0)
      rspec-expectations (~> 2.14.0)
      rspec-mocks (~> 2.14.0)
    rspec-core (2.14.7)
    rspec-expectations (2.14.4)
      diff-lcs (>= 1.1.3, < 2.0)
    rspec-mocks (2.14.4)
    ruby-progressbar (1.1.1)

PLATFORMS
  ruby

DEPENDENCIES
  rspec
  snail_race!
